GEM
  remote: https://rubygems.org/
  specs:
    minitest (5.18.1)

PLATFORMS
  x86_64-linux

DEPENDENCIES
  minitest

BUNDLED WITH
   2.4.15
